GEM
  remote: http://rubygems.org/
  specs:
    devise (1.0.8)
      warden (~> 0.10.3)
    devise (1.0.8)
      warden (~> 0.10.3)
    gemcutter (0.5.0)
      json_pure
    gemcutter (0.5.0)
      json_pure
    git (1.2.5)
    git (1.2.5)
    jeweler (1.4.0)
      gemcutter (>= 0.1.0)
      git (>= 1.2.5)
      rubyforge (>= 2.0.0)
    jeweler (1.4.0)
      gemcutter (>= 0.1.0)
      git (>= 1.2.5)
      rubyforge (>= 2.0.0)
    json (1.4.3)
    json (1.4.3)
    json_pure (1.4.3)
    json_pure (1.4.3)
    koala (0.8.0)
    koala (0.8.0)
    rack (1.2.1)
    rack (1.2.1)
    rake (0.8.7)
    rake (0.8.7)
    rspec (1.3.0)
    rspec (1.3.0)
    rubyforge (2.0.4)
      json_pure (>= 1.1.7)
    rubyforge (2.0.4)
      json_pure (>= 1.1.7)
    warden (0.10.7)
      rack (>= 1.0.0)
    warden (0.10.7)
      rack (>= 1.0.0)

PLATFORMS
  ruby

DEPENDENCIES
  bundler
  devise (~> 1.0)
  jeweler
  json
  koala (>= 0.8.0)
  rake
  rspec
